GEM
  remote: https://rubygems.org/
  specs:
    httparty (0.16.4)
      mime-types (~> 3.0)
      multi_xml (>= 0.5.2)
    json (2.2.0)
    mime-types (3.2.2)
      mime-types-data (~> 3.2015)
    mime-types-data (3.2018.0812)
    multi_xml (0.6.0)
    pg (1.1.4-x64-mingw32)
    rake (12.3.2)

PLATFORMS
  x64-mingw32

DEPENDENCIES
  httparty
  json
  pg
  rake

BUNDLED WITH
   1.16.6
   
